GEM
  remote: https://rubygems.org/
  specs:
    byebug (9.0.6)
    concurrent-ruby (1.0.2)
    diff-lcs (1.2.5)
    dot-properties (0.1.3)
    faraday (0.9.2)
      multipart-post (>= 1.2, < 3)
    hashie (3.4.6)
    httpclient (2.8.2.4)
    marc (1.0.0)
      scrub_rb (>= 1.0.1, < 2)
      unf
    marc-fastxmlwriter (1.0.0)
      marc (~> 1.0)
    multipart-post (2.0.0)
    rake (11.3.0)
    rspec (3.5.0)
      rspec-core (~> 3.5.0)
      rspec-expectations (~> 3.5.0)
      rspec-mocks (~> 3.5.0)
    rspec-core (3.5.4)
      rspec-support (~> 3.5.0)
    rspec-expectations (3.5.0)
      diff-lcs (>= 1.2.0, < 2.0)
      rspec-support (~> 3.5.0)
    rspec-mocks (3.5.0)
      diff-lcs (>= 1.2.0, < 2.0)
      rspec-support (~> 3.5.0)
    rspec-support (3.5.0)
    ruby-progressbar (1.8.1)
    rubyzip (1.2.0)
    scrub_rb (1.0.1)
    slop (3.6.0)
    solr_wrapper (0.18.1)
      faraday
      ruby-progressbar
      rubyzip
    traject (2.3.2)
      concurrent-ruby (>= 0.8.0)
      dot-properties (>= 0.1.1)
      hashie (~> 3.1)
      httpclient (~> 2.5)
      marc (~> 1.0)
      marc-fastxmlwriter (~> 1.0)
      slop (>= 3.4.5, < 4.0)
      yell
    unf (0.1.4)
      unf_ext
    unf_ext (0.0.7.2)
    yell (2.0.7)

PLATFORMS
  ruby

DEPENDENCIES
  byebug
  rake
  rspec
  solr_wrapper
  traject

BUNDLED WITH
   1.13.5
